GEM
  remote: https://rubygems.org/
  specs:
    blankslate (2.1.2.4)
    bourne (1.5.0)
      mocha (>= 0.13.2, < 0.15)
    coderay (1.1.0)
    diff-lcs (1.2.4)
    metaclass (0.0.1)
    method_source (0.8.2)
    mocha (0.14.0)
      metaclass (~> 0.0.1)
    parslet (1.5.0)
      blankslate (~> 2.0)
    pry (0.9.12.6)
      coderay (~> 1.0)
      method_source (~> 0.8)
      slop (~> 3.4)
    rspec (2.14.1)
      rspec-core (~> 2.14.0)
      rspec-expectations (~> 2.14.0)
      rspec-mocks (~> 2.14.0)
    rspec-core (2.14.7)
    rspec-expectations (2.14.3)
      diff-lcs (>= 1.1.3, < 2.0)
    rspec-mocks (2.14.4)
    slop (3.4.7)

PLATFORMS
  ruby

DEPENDENCIES
  bourne
  parslet
  pry
  rspec
